GEM
  remote: https://rubygems.org/
  specs:
    chatwork (0.2.0)
      faraday (~> 0.9.0)
    clever-api (0.0.2)
      rest-client
    domain_name (0.5.20160310)
      unf (>= 0.0.5, < 1.0.0)
    faraday (0.9.2)
      multipart-post (>= 1.2, < 3)
    htmlentities (4.3.4)
    http-cookie (1.0.2)
      domain_name (~> 0.5)
    http_router (0.11.2)
      rack (>= 1.0.0)
      url_mount (~> 0.2.1)
    i18n (0.7.0)
    ice_nine (0.11.2)
    lita (4.7.0)
      bundler (>= 1.3)
      faraday (>= 0.8.7)
      http_router (>= 0.11.2)
      i18n (>= 0.6.9)
      ice_nine (>= 0.11.0)
      multi_json (>= 1.7.7)
      puma (>= 2.7.1)
      rack (>= 1.5.2)
      rb-readline (>= 0.5.1)
      redis-namespace (>= 1.3.0)
      thor (>= 0.18.1)
    lita-ai (0.1.2)
      clever-api (~> 0.0.2)
      htmlentities (~> 4.3)
      lita (>= 4.6)
    lita-chatwork (0.0.1)
      chatwork (>= 0.1.1)
      lita (>= 4.1)
    lita-google (1.1.0)
      lita (>= 4.0)
    mime-types (2.99.1)
    multi_json (1.11.3)
    multipart-post (2.0.0)
    netrc (0.11.0)
    puma (3.4.0)
    rack (1.6.4)
    rb-readline (0.5.3)
    redis (3.3.0)
    redis-namespace (1.5.2)
      redis (~> 3.0, >= 3.0.4)
    rest-client (1.8.0)
      http-cookie (>= 1.0.2, < 2.0)
      mime-types (>= 1.16, < 3.0)
      netrc (~> 0.7)
    thor (0.19.1)
    unf (0.1.4)
      unf_ext
    unf_ext (0.0.7.2)
    url_mount (0.2.1)
      rack

PLATFORMS
  ruby

DEPENDENCIES
  chatwork
  lita
  lita-ai
  lita-chatwork
  lita-google

BUNDLED WITH
   1.11.2
