GEM
  remote: https://rubygems.org/
  specs:
    artii (2.1.1)
    chatwork (0.2.0)
      faraday (~> 0.9.0)
    compass_rose (0.1.3)
    faraday (0.9.2)
      multipart-post (>= 1.2, < 3)
    forecast_io (2.0.0)
      faraday
      hashie
      multi_json
    gems (0.8.3)
    geocoder (1.3.4)
    hashie (3.4.3)
    http_router (0.11.2)
      rack (>= 1.0.0)
      url_mount (~> 0.2.1)
    i18n (0.7.0)
    ice_nine (0.11.2)
    lita (4.7.0)
      bundler (>= 1.3)
      faraday (>= 0.8.7)
      http_router (>= 0.11.2)
      i18n (>= 0.6.9)
      ice_nine (>= 0.11.0)
      multi_json (>= 1.7.7)
      puma (>= 2.7.1)
      rack (>= 1.5.2)
      rb-readline (>= 0.5.1)
      redis-namespace (>= 1.3.0)
      thor (>= 0.18.1)
    lita-ascii-art (0.1.0)
      artii (>= 2.0.4)
      lita (>= 4.0.0)
    lita-chatwork (0.0.1)
      chatwork (>= 0.1.1)
      lita (>= 4.1)
    lita-forecast (0.1.7)
      compass_rose (~> 0.1.0)
      forecast_io (~> 2.0.0)
      geocoder (~> 1.1, >= 1.1.9)
      hashie (~> 3.0)
      lita (>= 3.0.0)
    lita-gems (1.1.0)
      gems (>= 0.8.0)
      lita (>= 2.6)
    lita-google (1.1.0)
      lita (>= 4.0)
    lita-octocat (0.0.2)
      lita (>= 3.0)
    multi_json (1.11.3)
    multipart-post (2.0.0)
    puma (3.4.0)
    rack (1.6.4)
    rb-readline (0.5.3)
    redis (3.3.0)
    redis-namespace (1.5.2)
      redis (~> 3.0, >= 3.0.4)
    thor (0.19.1)
    url_mount (0.2.1)
      rack

PLATFORMS
  ruby

DEPENDENCIES
  chatwork
  lita
  lita-ascii-art
  lita-chatwork
  lita-forecast
  lita-gems
  lita-google
  lita-octocat

BUNDLED WITH
   1.11.2
